GEM
  remote: http://rubygems.org/
  specs:
    chunky_png (1.3.5)
    rmagick (2.15.4)

PLATFORMS
  ruby

DEPENDENCIES
  chunky_png
  rmagick

BUNDLED WITH
   1.11.2
